GEM
  remote: http://rubygems.org/
  specs:
    amq-client (0.9.4)
      amq-protocol (>= 0.9.4)
      eventmachine
    amq-protocol (0.9.4)
    amqp (0.9.7)
      amq-client (~> 0.9.4)
      amq-protocol (>= 0.9.4)
      eventmachine
    eventmachine (0.12.10)
    multi_json (1.3.6)

PLATFORMS
  ruby

DEPENDENCIES
  amqp (~> 0.9.7)
  multi_json (~> 1.3.6)
